GEM
  remote: https://rubygems.org/
  specs:
    rufus-scheduler (2.0.18)
      tzinfo (>= 0.3.23)
    tzinfo (0.3.37)

PLATFORMS
  ruby

DEPENDENCIES
  rufus-scheduler
